PATH
  remote: /home/jsgarvin/workspace/minionizer
  specs:
    minionizer (0.2.0)
      activesupport (~> 4.1)
      net-scp (~> 1.2)
      net-ssh (~> 2.9)

GEM
  remote: https://rubygems.org/
  specs:
    activesupport (4.1.1)
      i18n (~> 0.6, >= 0.6.9)
      json (~> 1.7, >= 1.7.7)
      minitest (~> 5.1)
      thread_safe (~> 0.1)
      tzinfo (~> 1.1)
    i18n (0.6.9)
    json (1.8.1)
    minitest (5.3.4)
    net-scp (1.2.1)
      net-ssh (>= 2.6.5)
    net-ssh (2.9.1)
    thread_safe (0.3.3)
    tzinfo (1.1.0)
      thread_safe (~> 0.1)

PLATFORMS
  ruby

DEPENDENCIES
  minionizer!
